GEM
  remote: http://rubygems.org/
  specs:
    git (1.2.5)
    jeweler (1.6.4)
      bundler (~> 1.0)
      git (>= 1.2.5)
      rake
    json (1.7.3)
    rake (0.9.2.2)
    rdoc (3.12)
      json (~> 1.4)
    shoulda (3.0.1)
      shoulda-context (~> 1.0.0)
      shoulda-matchers (~> 1.0.0)
    shoulda-context (1.0.0)
    shoulda-matchers (1.0.0)

PLATFORMS
  ruby

DEPENDENCIES
  bundler (~> 1.1.0)
  jeweler (~> 1.6.4)
  rdoc
  shoulda
